GEM
  remote: https://rubygems.org/
  specs:
    colored (1.2)
    cri (2.15.3)
      colored (~> 1.2)
    facter (2.5.1)
    faraday (0.13.1)
      multipart-post (>= 1.2, < 3)
    faraday_middleware (0.12.2)
      faraday (>= 0.7.4, < 1.0)
    fast_gettext (1.1.2)
    gettext (3.2.9)
      locale (>= 2.0.5)
      text (>= 1.3.0)
    gettext-setup (0.30)
      fast_gettext (~> 1.1.0)
      gettext (>= 3.0.2)
      locale
    hiera (3.5.0)
    locale (2.1.2)
    log4r (1.1.10)
    minitar (0.8)
    multi_json (1.13.1)
    multipart-post (2.0.0)
    puppet (5.5.10)
      facter (> 2.0.1, < 4)
      fast_gettext (~> 1.1.2)
      hiera (>= 3.2.1, < 4)
      locale (~> 2.1)
      multi_json (~> 1.10)
    puppet_forge (2.2.9)
      faraday (>= 0.9.0, < 0.14.0)
      faraday_middleware (>= 0.9.0, < 0.13.0)
      gettext-setup (~> 0.11)
      minitar
      semantic_puppet (~> 1.0)
    r10k (3.1.1)
      colored (= 1.2)
      cri (~> 2.15.1)
      gettext-setup (~> 0.24)
      log4r (= 1.1.10)
      multi_json (~> 1.10)
      puppet_forge (~> 2.2.8)
    rake (12.3.2)
    semantic_puppet (1.0.2)
    text (1.3.1)

PLATFORMS
  ruby

DEPENDENCIES
  puppet (~> 5.5.8)
  r10k
  rake

BUNDLED WITH
   1.17.1
